GIT
  remote: git://github.com/wbzyl/rack-codehighlighter.git
  revision: 64bf50520cb1d563432832ae30d85bbd94cec5bd
  specs:
    rack-codehighlighter (0.5.0)
      nokogiri (>= 1.4.1)
      rack (>= 1.0.0)

GIT
  remote: git@github.com:smparkes/middleman.git
  revision: bd3ff9db5fa889233a5bbfaf20ce8e88c997929d
  specs:
    middleman (3.0.0.beta.2)
      middleman-core (= 3.0.0.beta.2)
      middleman-more (= 3.0.0.beta.2)
    middleman-core (3.0.0.beta.2)
      activesupport (~> 3.2.0)
      listen (~> 0.3.1)
      rack (~> 1.4.0)
      rack-test (~> 0.6.1)
      thin (~> 1.3.1)
      thor (~> 0.14.0)
      tilt (~> 1.3.1)
    middleman-more (3.0.0.beta.2)
      coffee-script (~> 2.2.0)
      compass (= 0.12.rc.1)
      execjs (~> 1.2)
      haml (~> 3.1.0)
      middleman-core (= 3.0.0.beta.2)
      redcarpet (~> 2.1.0)
      sass (~> 3.1.7)
      sprockets (~> 2.1)
      sprockets-sass (~> 0.7.0)
      uglifier (~> 1.2.0)

GEM
  remote: http://rubygems.org/
  specs:
    activesupport (3.2.2)
      i18n (~> 0.6)
      multi_json (~> 1.0)
    blankslate (2.1.2.4)
    builder (3.0.0)
    chunky_png (1.2.5)
    coffee-script (2.2.0)
      coffee-script-source
      execjs
    coffee-script-source (1.2.0)
    compass (0.12.rc.1)
      chunky_png (~> 1.2)
      fssm (>= 0.2.7)
      sass (~> 3.1)
    daemons (1.1.8)
    eventmachine (0.12.10)
    execjs (1.3.0)
      multi_json (~> 1.0)
    ffi (1.0.11)
    fssm (0.2.8.1)
    haml (3.1.4)
    hike (1.2.1)
    i18n (0.6.0)
    listen (0.3.2)
      rb-fchange (~> 0.0.5)
      rb-fsevent (~> 0.9.0)
      rb-inotify (~> 0.8.8)
    multi_json (1.1.0)
    nokogiri (1.5.0)
    pygments.rb (0.2.7)
      rubypython (~> 0.5.3)
    rack (1.4.1)
    rack-test (0.6.1)
      rack (>= 1.0)
    rb-fchange (0.0.5)
      ffi
    rb-fsevent (0.9.0)
    rb-inotify (0.8.8)
      ffi (>= 0.5.0)
    redcarpet (2.1.0)
    rubypython (0.5.3)
      blankslate (>= 2.1.2.3)
      ffi (~> 1.0.7)
    sass (3.1.15)
    slim (1.1.1)
      temple (~> 0.4.0)
      tilt (~> 1.3.2)
    sprockets (2.3.1)
      hike (~> 1.2)
      multi_json (~> 1.0)
      rack (~> 1.0)
      tilt (~> 1.1, != 1.3.0)
    sprockets-sass (0.7.0)
      sprockets (~> 2.0)
      tilt (~> 1.1)
    temple (0.4.0)
    thin (1.3.1)
      daemons (>= 1.0.9)
      eventmachine (>= 0.12.6)
      rack (>= 1.0.0)
    thor (0.14.6)
    tilt (1.3.3)
    uglifier (1.2.3)
      execjs (>= 0.3.0)
      multi_json (>= 1.0.2)

PLATFORMS
  ruby

DEPENDENCIES
  builder
  middleman!
  pygments.rb
  rack-codehighlighter!
  redcarpet
  slim
